STORAGE: PACKAGES
RESTRICTION: || (== net40) (== net45)
NUGET
  remote: https://www.nuget.org/api/v2
    DotlessClientOnly (1.5.2)
    Ioc.Modules (1.4.1)
      Ioc.Modules.Contract (>= 1.4.1)
    Ioc.Modules.Contract (1.4.1)
    Ioc.Modules.Ninject (1.4.1)
      Ioc.Modules (>= 1.4.1)
      Ioc.Modules.Contract (>= 1.4.1)
      Ninject (>= 3.2.2)
    Microsoft.Web.Infrastructure (1.0)
    Moq (4.2.1507.118)
    Moq.Modules (1.0.2)
      Moq (>= 4.2.1507.118)
    MySql.Data (6.9.9)
    Newtonsoft.Json (7.0.1)
    Ninject (3.2.2)
    NUnit (2.7)
    Prius (2.1.1)
      Ioc.Modules.Contract (>= 1.4.1)
      Newtonsoft.Json (>= 7.0.1)
      Urchin.Client (>= 1.3.1)
    Prius.MySql (2.1.1)
      Ioc.Modules.Contract (>= 1.4.1)
      MySql.Data (>= 6.9.9)
      Prius (>= 2.1.1)
    Svg (2.3)
    Urchin.Client (1.3.1)
      Ioc.Modules.Contract (>= 1.4.1)
      Newtonsoft.Json (>= 7.0.1)

GROUP net40
RESTRICTION: == net40
NUGET
  remote: https://www.nuget.org/api/v2
    Ioc.Modules (1.4.1)
      Ioc.Modules.Contract (>= 1.4.1)
    Ioc.Modules.Contract (1.4.1)
    Microsoft.Owin (2.1)
      Owin (>= 1.0)
    Microsoft.Owin.Host.SystemWeb (2.1)
      Microsoft.Owin (>= 2.1)
      Microsoft.Web.Infrastructure (>= 1.0)
      Owin (>= 1.0)
    Microsoft.Web.Infrastructure (1.0)
    Moq (4.2.1507.118)
    Moq.Modules (1.0.2)
      Moq (>= 4.2.1507.118)
    Newtonsoft.Json (7.0.1)
    NUnit (3.12)
    Owin (1.0)
    Owin.Framework (2.7)
      Ioc.Modules.Contract (>= 1.4.1)
      Microsoft.Owin (>= 2.1)
      Owin (>= 1.0)
    Owin.Framework.AnalysisReporter (2.7)
      Ioc.Modules.Contract (>= 1.4.1)
      Newtonsoft.Json (>= 7.0.1)
      Owin.Framework (>= 2.7)
    Owin.Framework.DefaultDocument (2.7)
      Ioc.Modules.Contract (>= 1.4.1)
      Newtonsoft.Json (>= 7.0.1)
      Owin.Framework (>= 2.7)
    Owin.Framework.Documenter (2.7)
      Ioc.Modules.Contract (>= 1.4.1)
      Newtonsoft.Json (>= 7.0.1)
      Owin.Framework (>= 2.7)
    Owin.Framework.ExceptionReporter (2.7)
      Ioc.Modules.Contract (>= 1.4.1)
      Newtonsoft.Json (>= 7.0.1)
      Owin.Framework (>= 2.7)
    Owin.Framework.Mocks (2.7)
      Moq.Modules (>= 1.0.2)
      NUnit (>= 3.5)
      Owin.Framework (>= 2.7)
    Owin.Framework.NotFound (2.7)
      Ioc.Modules.Contract (>= 1.4.1)
      Owin.Framework (>= 2.7)
    Owin.Framework.Urchin (2.7)
      Ioc.Modules.Contract (>= 1.4.1)
      Microsoft.Owin (>= 2.1)
      Newtonsoft.Json (>= 7.0.1)
      Owin (>= 1.0)
      Owin.Framework (>= 2.7)
      Urchin.Client (>= 1.3)
    Urchin.Client (1.3.1)
      Ioc.Modules.Contract (>= 1.4.1)
      Newtonsoft.Json (>= 7.0.1)

GROUP net45
RESTRICTION: == net45
NUGET
  remote: https://www.nuget.org/api/v2
    Ioc.Modules (1.4.1)
      Ioc.Modules.Contract (>= 1.4.1)
    Ioc.Modules.Contract (1.4.1)
    Microsoft.Owin (3.1)
      Owin (>= 1.0)
    Microsoft.Owin.Host.SystemWeb (2.1)
      Microsoft.Owin (>= 2.1)
      Owin (>= 1.0)
    Moq (4.2.1507.118)
    Moq.Modules (1.0.2)
      Moq (>= 4.2.1507.118)
    Newtonsoft.Json (7.0.1)
    NUnit (3.12)
    Owin (1.0)
    Owin.Framework (2.7)
      Ioc.Modules.Contract (>= 1.4.1)
      Microsoft.Owin (>= 3.1)
      Owin (>= 1.0)
    Owin.Framework.AnalysisReporter (2.7)
      Ioc.Modules.Contract (>= 1.4.1)
      Newtonsoft.Json (>= 7.0.1)
      Owin.Framework (>= 2.7)
    Owin.Framework.DefaultDocument (2.7)
      Ioc.Modules.Contract (>= 1.4.1)
      Newtonsoft.Json (>= 7.0.1)
      Owin.Framework (>= 2.7)
    Owin.Framework.Documenter (2.7)
      Ioc.Modules.Contract (>= 1.4.1)
      Newtonsoft.Json (>= 7.0.1)
      Owin.Framework (>= 2.7)
    Owin.Framework.ExceptionReporter (2.7)
      Ioc.Modules.Contract (>= 1.4.1)
      Newtonsoft.Json (>= 7.0.1)
      Owin.Framework (>= 2.7)
    Owin.Framework.Mocks (2.7)
      Moq.Modules (>= 1.0.2)
      NUnit (>= 3.5)
      Owin.Framework (>= 2.7)
    Owin.Framework.NotFound (2.7)
      Ioc.Modules.Contract (>= 1.4.1)
      Owin.Framework (>= 2.7)
    Owin.Framework.Urchin (2.7)
      Ioc.Modules.Contract (>= 1.4.1)
      Microsoft.Owin (>= 3.1)
      Newtonsoft.Json (>= 7.0.1)
      Owin (>= 1.0)
      Owin.Framework (>= 2.7)
      Urchin.Client (>= 1.3)
    Urchin.Client (1.3.1)
      Ioc.Modules.Contract (>= 1.4.1)
      Newtonsoft.Json (>= 7.0.1)
